GIT
  remote: git://github.com/june29/ruboty-irasutoya.git
  revision: 1f38273cc7d8f3315ef07221b1f761bbc1393575
  specs:
    ruboty-irasutoya (1.0.2)
      ruboty

GIT
  remote: git://github.com/uasi/ruboty-jobcan.git
  revision: 139ea75025afb938f98773a088511fb8290f1db0
  branch: increments
  specs:
    ruboty-jobcan (0.1.1)
      faraday (~> 0.9.0)
      faraday-cookie_jar (~> 0.0.6)
      faraday_middleware (~> 0.10.0)

GEM
  remote: https://rubygems.org/
  specs:
    activesupport (5.0.0.1)
      concurrent-ruby (~> 1.0, >= 1.0.2)
      i18n (~> 0.7)
      minitest (~> 5.1)
      tzinfo (~> 1.1)
    addressable (2.4.0)
    akismet (2.0.0)
    buftok (0.2.0)
    chrono (0.3.0)
      activesupport
    concurrent-ruby (1.0.2)
    docomoru (0.1.3)
      activesupport
      faraday
      faraday_middleware
      json
      rack
      slop
    domain_name (0.5.20160615)
      unf (>= 0.0.5, < 1.0.0)
    dotenv (2.1.1)
    equalizer (0.0.10)
    faraday (0.9.2)
      multipart-post (>= 1.2, < 3)
    faraday-cookie_jar (0.0.6)
      faraday (>= 0.7.4)
      http-cookie (~> 1.0.0)
    faraday_middleware (0.10.0)
      faraday (>= 0.7.4, < 0.10)
    google-api-client (0.9.11)
      addressable (~> 2.3)
      googleauth (~> 0.5)
      httpclient (~> 2.7)
      hurley (~> 0.1)
      memoist (~> 0.11)
      mime-types (>= 1.6)
      representable (~> 2.3.0)
      retriable (~> 2.0)
      thor (~> 0.19)
    googleauth (0.5.1)
      faraday (~> 0.9)
      jwt (~> 1.4)
      logging (~> 2.0)
      memoist (~> 0.12)
      multi_json (~> 1.11)
      os (~> 0.9)
      signet (~> 0.7)
    holiday_japan (1.2.2)
    http (1.0.4)
      addressable (~> 2.3)
      http-cookie (~> 1.0)
      http-form_data (~> 1.0.1)
      http_parser.rb (~> 0.6.0)
    http-cookie (1.0.2)
      domain_name (~> 0.5)
    http-form_data (1.0.1)
    http_parser.rb (0.6.0)
    httpclient (2.8.2.1)
    hurley (0.2)
    i18n (0.7.0)
    increments-schedule (0.13.0)
      holiday_japan (~> 1.1)
    json (1.8.3)
    jwt (1.5.4)
    little-plugger (1.1.4)
    logging (2.1.0)
      little-plugger (~> 1.1)
      multi_json (~> 1.10)
    mem (0.1.5)
    memoist (0.14.0)
    memoizable (0.4.2)
      thread_safe (~> 0.3, >= 0.3.1)
    mime-types (3.1)
      mime-types-data (~> 3.2015)
    mime-types-data (3.2016.0521)
    minitest (5.9.0)
    multi_json (1.12.1)
    multipart-post (2.0.0)
    naught (1.1.0)
    octokit (4.3.0)
      sawyer (~> 0.7.0, >= 0.5.3)
    os (0.9.6)
    qiita (1.3.2)
      activesupport
      faraday (~> 0.9)
      faraday_middleware
      rack
      rainbow
      rouge
      slop (< 4.0.0)
    rack (2.0.1)
    rainbow (2.1.0)
    rake (10.5.0)
    redis (3.3.1)
    redis-namespace (1.5.2)
      redis (~> 3.0, >= 3.0.4)
    representable (2.3.0)
      uber (~> 0.0.7)
    retriable (2.1.0)
    rouge (2.0.5)
    ruboty (1.2.4)
      activesupport
      bundler
      dotenv
      mem
      slop
    ruboty-alias (0.0.8)
      ruboty (>= 1.1.1)
    ruboty-bundler (0.1.3)
      ruboty (>= 1.2.1)
      ruboty-github
    ruboty-cron (1.0.1)
      activesupport
      chrono
      ruboty (>= 0.2.0)
    ruboty-echo (0.1.0)
      ruboty
    ruboty-github (0.2.1)
      activesupport
      octokit
      ruboty
    ruboty-google_calendar (0.1.0)
      activesupport
      google-api-client
      ruboty
    ruboty-google_image (0.1.0)
      faraday
      faraday_middleware
      ruboty
    ruboty-lgtm (0.0.3)
      faraday
      faraday_middleware
      ruboty
    ruboty-qiita-github (0.2.3)
      activesupport
      octokit
      ruboty
    ruboty-qiita_anti_spam (0.1.2)
      activesupport
      akismet
      google-api-client (~> 0.9.pre1)
      qiita
      ruboty
    ruboty-qiita_police (0.0.3)
      qiita
      ruboty
    ruboty-redis (0.0.6)
      redis
      redis-namespace
      ruboty
    ruboty-replace (0.0.1)
      ruboty
    ruboty-ruby (0.0.2)
      ruboty
    ruboty-ruby_persistence (0.2.0)
      ruboty (~> 1.0)
    ruboty-scorekeeper (0.0.3)
      ruboty
    ruboty-slack (0.1.12)
      ruboty (>= 1.0.4)
      xrc (>= 0.1.8)
    ruboty-sushiyuki (0.0.2)
    ruboty-talk (0.0.5)
      docomoru (>= 0.0.3)
      ruboty (>= 1.1.0)
    ruboty-twitter_search (0.1.1)
      ruboty
      twitter
    ruboty-weather (0.0.5)
      faraday
      faraday_middleware
      ruboty (>= 0.2.0)
    sawyer (0.7.0)
      addressable (>= 2.3.5, < 2.5)
      faraday (~> 0.8, < 0.10)
    signet (0.7.3)
      addressable (~> 2.3)
      faraday (~> 0.9)
      jwt (~> 1.5)
      multi_json (~> 1.10)
    simple_oauth (0.3.1)
    slop (3.6.0)
    thor (0.19.1)
    thread_safe (0.3.5)
    twitter (5.16.0)
      addressable (~> 2.3)
      buftok (~> 0.2.0)
      equalizer (= 0.0.10)
      faraday (~> 0.9.0)
      http (~> 1.0)
      http_parser.rb (~> 0.6.0)
      json (~> 1.8)
      memoizable (~> 0.4.0)
      naught (~> 1.0)
      simple_oauth (~> 0.3.0)
    tzinfo (1.2.2)
      thread_safe (~> 0.1)
    uber (0.0.15)
    unf (0.1.4)
      unf_ext
    unf_ext (0.0.7.2)
    xrc (0.1.8)
      activesupport

PLATFORMS
  ruby

DEPENDENCIES
  google-api-client (~> 0.9.pre1)
  increments-schedule (= 0.13.0)
  rake (< 11.0.0)
  ruboty-alias (= 0.0.8)
  ruboty-bundler
  ruboty-cron (= 1.0.1)
  ruboty-echo
  ruboty-google_calendar
  ruboty-google_image
  ruboty-irasutoya!
  ruboty-jobcan!
  ruboty-lgtm
  ruboty-qiita-github (>= 0.2.2)
  ruboty-qiita_anti_spam
  ruboty-qiita_police
  ruboty-redis
  ruboty-replace
  ruboty-ruby (>= 0.0.2)
  ruboty-ruby_persistence (= 0.2.0)
  ruboty-scorekeeper
  ruboty-slack
  ruboty-sushiyuki
  ruboty-talk
  ruboty-twitter_search
  ruboty-weather
  xrc
